PATH
  remote: .
  specs:
    modl-parser (0.1.0)
      antlr4-runtime (>= 0.0.1)

GEM
  remote: https://rubygems.org/
  specs:
    antlr4-runtime (0.1.0)
    debase (0.2.2)
      debase-ruby_core_source (>= 0.10.2)
    debase-ruby_core_source (0.10.4)
    diff-lcs (1.3)
    rake (10.5.0)
    rspec (3.8.0)
      rspec-core (~> 3.8.0)
      rspec-expectations (~> 3.8.0)
      rspec-mocks (~> 3.8.0)
    rspec-core (3.8.0)
      rspec-support (~> 3.8.0)
    rspec-expectations (3.8.2)
      diff-lcs (>= 1.2.0, < 2.0)
      rspec-support (~> 3.8.0)
    rspec-mocks (3.8.0)
      diff-lcs (>= 1.2.0, < 2.0)
      rspec-support (~> 3.8.0)
    rspec-support (3.8.0)
    ruby-debug-ide (0.6.1)
      rake (>= 0.8.1)

PLATFORMS
  ruby

DEPENDENCIES
  antlr4-runtime (>= 0.0.1)
  bundler (~> 2.0)
  debase
  modl-parser!
  rake (~> 10.0)
  rspec (~> 3.0)
  ruby-debug-ide

BUNDLED WITH
   2.0.1
